PATH
  remote: .
  specs:
    tilia-http (4.2.1)
      activesupport (>= 4.0)
      rack (>= 1.6)
      rchardet (~> 1.6)
      tilia-event (~> 2.0)
      tilia-uri (~> 1.0)
      typhoeus (~> 0.8)

GEM
  remote: https://rubygems.org/
  specs:
    activesupport (5.1.4)
      concurrent-ruby (~> 1.0, >= 1.0.2)
      i18n (~> 0.7)
      minitest (~> 5.1)
      tzinfo (~> 1.1)
    ast (2.3.0)
    concurrent-ruby (1.0.5)
    docile (1.1.5)
    ethon (0.10.1)
      ffi (>= 1.3.0)
    ffi (1.9.18)
    i18n (0.8.6)
    json (2.1.0)
    minitest (5.10.3)
    parallel (1.12.0)
    parser (2.4.0.0)
      ast (~> 2.2)
    powerpack (0.1.1)
    rack (2.0.3)
    rainbow (2.2.2)
      rake
    rake (12.1.0)
    rchardet (1.6.1)
    rubocop (0.50.0)
      parallel (~> 1.10)
      parser (>= 2.3.3.1, < 3.0)
      powerpack (~> 0.1)
      rainbow (>= 2.2.2, < 3.0)
      ruby-progressbar (~> 1.7)
      unicode-display_width (~> 1.0, >= 1.0.1)
    ruby-progressbar (1.8.3)
    simplecov (0.15.1)
      docile (~> 1.1.0)
      json (>= 1.8, < 3)
      simplecov-html (~> 0.10.0)
    simplecov-html (0.10.2)
    thread_safe (0.3.6)
    tilia-event (2.0.2.1)
      activesupport (>= 4.0)
    tilia-uri (1.0.1.1)
      activesupport (>= 4.0)
    typhoeus (0.8.0)
      ethon (>= 0.8.0)
    tzinfo (1.2.3)
      thread_safe (~> 0.1)
    unicode-display_width (1.3.0)
    yard (0.9.9)

PLATFORMS
  ruby

DEPENDENCIES
  minitest (~> 5.8)
  rake
  rubocop (~> 0.34)
  simplecov (~> 0.10)
  tilia-http!
  yard (~> 0.8)

BUNDLED WITH
   1.16.0.pre.2
